GEM
  remote: https://rubygems.org/
  specs:
    amazing_print (1.4.0)
    ast (2.4.2)
    caliber (0.27.0)
      rubocop (~> 1.47)
      rubocop-capybara (~> 2.17)
      rubocop-performance (~> 1.16)
      rubocop-rake (~> 0.6)
      rubocop-rspec (~> 2.18)
      rubocop-thread_safety (~> 0.4)
    coderay (1.1.3)
    cogger (0.5.1)
      pastel (~> 0.8)
      refinements (~> 10.0)
      zeitwerk (~> 2.6)
    concurrent-ruby (1.2.2)
    core (0.1.1)
    debug (1.7.1)
      irb (>= 1.5.0)
      reline (>= 0.3.1)
    diff-lcs (1.5.0)
    docile (1.4.0)
    dry-container (0.11.0)
      concurrent-ruby (~> 1.0)
    dry-core (1.0.0)
      concurrent-ruby (~> 1.0)
      zeitwerk (~> 2.6)
    dry-monads (1.6.0)
      concurrent-ruby (~> 1.0)
      dry-core (~> 1.0, < 2)
      zeitwerk (~> 2.6)
    faraday (2.7.4)
      faraday-net_http (>= 2.0, < 3.1)
      ruby2_keywords (>= 0.0.4)
    faraday-net_http (3.0.2)
    ffi (1.15.5)
    formatador (1.1.0)
    git-lint (5.1.1)
      cogger (~> 0.5)
      core (~> 0.1.0)
      dry-container (~> 0.11)
      dry-monads (~> 1.6)
      gitt (~> 1.1)
      infusible (~> 1.0)
      pastel (~> 0.8)
      refinements (~> 10.0)
      runcom (~> 9.0)
      spek (~> 1.0)
      zeitwerk (~> 2.6)
    gitt (1.1.1)
      core (~> 0.1)
      dry-monads (~> 1.6)
      refinements (~> 10.0)
      zeitwerk (~> 2.6)
    guard (2.18.0)
      formatador (>= 0.2.4)
      listen (>= 2.7, < 4.0)
      lumberjack (>= 1.0.12, < 2.0)
      nenv (~> 0.1)
      notiffany (~> 0.0)
      pry (>= 0.13.0)
      shellany (~> 0.0)
      thor (>= 0.18.1)
    guard-compat (1.2.1)
    guard-rspec (4.7.3)
      guard (~> 2.1)
      guard-compat (~> 1.1)
      rspec (>= 2.99.0, < 4.0)
    infusible (1.0.1)
      marameters (~> 1.0)
      zeitwerk (~> 2.6)
    io-console (0.6.0)
    irb (1.6.2)
      reline (>= 0.3.0)
    json (2.6.3)
    kwalify (0.7.2)
    listen (3.8.0)
      rb-fsevent (~> 0.10, >= 0.10.3)
      rb-inotify (~> 0.9, >= 0.9.10)
    lumberjack (1.2.8)
    marameters (1.0.2)
      refinements (~> 10.0)
      zeitwerk (~> 2.6)
    method_source (1.0.0)
    nenv (0.3.0)
    notiffany (0.1.3)
      nenv (~> 0.1)
      shellany (~> 0.0)
    oj (3.14.2)
    parallel (1.22.1)
    parser (3.2.1.0)
      ast (~> 2.4.1)
    pastel (0.8.0)
      tty-color (~> 0.5)
    pry (0.14.2)
      coderay (~> 1.1)
      method_source (~> 1.0)
    rainbow (3.1.1)
    rake (13.0.6)
    rb-fsevent (0.11.2)
    rb-inotify (0.10.1)
      ffi (~> 1.0)
    reek (6.1.4)
      kwalify (~> 0.7.0)
      parser (~> 3.2.0)
      rainbow (>= 2.0, < 4.0)
    refinements (10.0.1)
    regexp_parser (2.7.0)
    reline (0.3.2)
      io-console (~> 0.5)
    rexml (3.2.5)
    rspec (3.12.0)
      rspec-core (~> 3.12.0)
      rspec-expectations (~> 3.12.0)
      rspec-mocks (~> 3.12.0)
    rspec-core (3.12.1)
      rspec-support (~> 3.12.0)
    rspec-expectations (3.12.2)
      diff-lcs (>= 1.2.0, < 2.0)
      rspec-support (~> 3.12.0)
    rspec-mocks (3.12.3)
      diff-lcs (>= 1.2.0, < 2.0)
      rspec-support (~> 3.12.0)
    rspec-support (3.12.0)
    rubocop (1.47.0)
      json (~> 2.3)
      parallel (~> 1.10)
      parser (>= 3.2.0.0)
      rainbow (>= 2.2.2, < 4.0)
      regexp_parser (>= 1.8, < 3.0)
      rexml (>= 3.2.5, < 4.0)
      rubocop-ast (>= 1.26.0, < 2.0)
      ruby-progressbar (~> 1.7)
      unicode-display_width (>= 2.4.0, < 3.0)
    rubocop-ast (1.27.0)
      parser (>= 3.2.1.0)
    rubocop-capybara (2.17.1)
      rubocop (~> 1.41)
    rubocop-performance (1.16.0)
      rubocop (>= 1.7.0, < 2.0)
      rubocop-ast (>= 0.4.0)
    rubocop-rake (0.6.0)
      rubocop (~> 1.0)
    rubocop-rspec (2.18.1)
      rubocop (~> 1.33)
      rubocop-capybara (~> 2.17)
    rubocop-thread_safety (0.4.4)
      rubocop (>= 0.53.0)
    ruby-progressbar (1.12.0)
    ruby2_keywords (0.0.5)
    runcom (9.0.1)
      refinements (~> 10.0)
      xdg (~> 7.0)
      zeitwerk (~> 2.6)
    shellany (0.0.1)
    simplecov (0.22.0)
      docile (~> 1.1)
      simplecov-html (~> 0.11)
      simplecov_json_formatter (~> 0.1)
    simplecov-html (0.12.3)
    simplecov_json_formatter (0.1.4)
    spek (1.0.1)
      dry-monads (~> 1.6)
      refinements (~> 10.0)
      versionaire (~> 11.0)
      zeitwerk (~> 2.6)
    thor (1.2.1)
    tty-color (0.6.0)
    unicode-display_width (2.4.2)
    versionaire (11.0.1)
      refinements (~> 10.0)
    xdg (7.0.1)
    zeitwerk (2.6.7)

PLATFORMS
  arm64-darwin-22

DEPENDENCIES
  amazing_print (~> 1.4)
  caliber (~> 0.25)
  debug (~> 1.7)
  faraday
  git-lint (~> 5.0)
  guard-rspec (~> 4.7)
  oj
  rake (~> 13.0)
  reek (~> 6.1)
  rspec (~> 3.12)
  simplecov (~> 0.22)
  zeitwerk (~> 2.6)

RUBY VERSION
   ruby 3.2.1p31

BUNDLED WITH
   2.4.7
